GEM
  specs:
    connection_pool (2.2.5)
    redis (5.0.0)
      redis-client (~> 0.7)
    redis-client (0.7.1)
      connection_pool

PLATFORMS
  arm64-darwin-21

DEPENDENCIES
  redis

BUNDLED WITH
   2.3.8
